PATH
  remote: plugins/jekyll-reposter
  specs:
    jekyll-reposter (0.1.8)
      curb (~> 0.8)
      feedzirra
      sanitize
      stringex

GEM
  remote: http://rubygems.org/
  specs:
    RedCloth (4.2.9)
<<<<<<< HEAD
    activesupport (3.2.8)
      i18n (~> 0.6)
      multi_json (~> 1.0)
    albino (1.3.3)
      posix-spawn (>= 0.3.6)
    blankslate (3.1.2)
    builder (3.1.3)
    chunky_png (1.2.6)
=======
    chunky_png (1.2.5)
>>>>>>> e83dfccc4f6f2db6283918af1743e63278807089
    classifier (1.3.3)
      fast-stemmer (>= 1.0.0)
    compass (0.12.2)
      chunky_png (~> 1.2)
      fssm (>= 0.2.7)
      sass (~> 3.1)
    curb (0.8.1)
    directory_watcher (1.4.1)
    fast-stemmer (1.0.1)
<<<<<<< HEAD
    feedzirra (0.0.24)
      activesupport (>= 2.3.8)
      builder (>= 2.1.2)
      curb (>= 0.2.3)
      loofah (>= 0.3.1)
      nokogiri (> 0.0.0)
      sax-machine (>= 0.0.12)
    ffi (1.0.11)
    fssm (0.2.9)
    haml (3.1.7)
    i18n (0.6.1)
    jekyll (0.11.2)
      albino (~> 1.3)
=======
    fssm (0.2.9)
    haml (3.1.7)
    jekyll (0.12.0)
>>>>>>> e83dfccc4f6f2db6283918af1743e63278807089
      classifier (~> 1.3)
      directory_watcher (~> 1.1)
      kramdown (~> 0.13.4)
      liquid (~> 2.3)
      maruku (~> 0.5)
<<<<<<< HEAD
    kramdown (0.14.0)
    liquid (2.3.0)
    loofah (1.2.1)
      nokogiri (>= 1.4.4)
=======
      pygments.rb (~> 0.3.2)
    kramdown (0.13.8)
    liquid (2.3.0)
>>>>>>> e83dfccc4f6f2db6283918af1743e63278807089
    maruku (0.6.1)
      syntax (>= 1.0.0)
    multi_json (1.3.6)
    nokogiri (1.5.5)
    posix-spawn (0.3.6)
    pygments.rb (0.3.4)
      posix-spawn (~> 0.3.6)
      yajl-ruby (~> 1.1.0)
    rack (1.5.2)
    rack-protection (1.5.0)
      rack
    rake (0.9.2.2)
    rb-fsevent (0.9.2)
    rdiscount (1.6.8)
    rubypants (0.2.0)
<<<<<<< HEAD
    rubypython (0.5.3)
      blankslate (>= 2.1.2.3)
      ffi (~> 1.0.7)
    sanitize (2.0.3)
      nokogiri (>= 1.4.4, < 1.6)
    sass (3.2.1)
    sax-machine (0.1.0)
      nokogiri (> 0.0.0)
    sinatra (1.3.3)
      rack (~> 1.3, >= 1.3.6)
      rack-protection (~> 1.2)
      tilt (~> 1.3, >= 1.3.3)
=======
    sass (3.1.20)
    sass-globbing (1.0.0)
      sass (>= 3.1)
    sinatra (1.4.2)
      rack (~> 1.5, >= 1.5.2)
      rack-protection (~> 1.4)
      tilt (~> 1.3, >= 1.3.4)
>>>>>>> e83dfccc4f6f2db6283918af1743e63278807089
    stringex (1.4.0)
    syntax (1.0.0)
    tilt (1.3.7)
    yajl-ruby (1.1.0)

PLATFORMS
  ruby

DEPENDENCIES
  RedCloth (~> 4.2.9)
<<<<<<< HEAD
  compass (~> 0.12.1)
  haml (~> 3.1.6)
  jekyll (~> 0.11.2)
  jekyll-reposter!
=======
  compass (~> 0.12.2)
  haml (~> 3.1.7)
  jekyll (~> 0.12)
>>>>>>> e83dfccc4f6f2db6283918af1743e63278807089
  liquid (~> 2.3.0)
  pygments.rb (~> 0.3.4)
  rake (~> 0.9)
  rb-fsevent (~> 0.9)
  rdiscount (~> 1.6.8)
  rubypants (~> 0.2.0)
  sass-globbing (~> 1.0.0)
  sinatra (~> 1.4.2)
  stringex (~> 1.4.0)
